NUGET
  remote: https://nuget.org/api/v2
  specs:
    DotLiquid (1.8.0)
    FAKE (3.18.0)
    FSharp.Compiler.Service (0.0.67)
    FSharp.Core (3.1.2.1)
    FSharp.Formatting (2.4.35)
      FSharp.Compiler.Service (0.0.67)
      Microsoft.AspNet.Razor (2.0.30506.0)
      RazorEngine (3.3.0)
    FsPickler (1.0.7)
    Microsoft.AspNet.Razor (2.0.30506.0)
    RazorEngine (3.3.0)
      Microsoft.AspNet.Razor (>= 2.0.30506.0)
    SQLProvider (0.0.9-alpha)
    Suave (0.26.0)
      FSharp.Core (>= 3.1.2.1)
      FsPickler (>= 1.0.7)
    Suave.Razor (0.26.0)
      RazorEngine (>= 3.3.0)
      Suave (>= 0.26.0)
