NUGET
  remote: https://nuget.org/api/v2
  specs:
    FAKE (3.35.5)
    FSharp.Compiler.Service (0.0.90)
    FSharp.Formatting (2.9.10)
      FSharp.Compiler.Service (>= 0.0.87)
      FSharpVSPowerTools.Core (1.8.0)
    FSharpVSPowerTools.Core (1.8.0)
      FSharp.Compiler.Service (>= 0.0.87)
